GEM
  remote: http://rubygems.org/
  specs:
    awesome_print (1.8.0)
    builder (3.2.3)
    calabash-android (0.9.0)
      awesome_print (~> 1.2)
      cucumber
      escape (~> 0.0.4)
      httpclient (>= 2.7.1, < 3.0)
      json (~> 1.8)
      luffa
      rubyzip (~> 1.1)
      slowhandcuke (~> 0.0.3)
    clipboard (1.1.1)
    coderay (1.1.1)
    cpf_faker (1.3.0)
      clipboard
    cucumber (2.4.0)
      builder (>= 2.1.2)
      cucumber-core (~> 1.5.0)
      cucumber-wire (~> 0.0.1)
      diff-lcs (>= 1.1.3)
      gherkin (~> 4.0)
      multi_json (>= 1.7.5, < 2.0)
      multi_test (>= 0.1.2)
    cucumber-core (1.5.0)
      gherkin (~> 4.0)
    cucumber-wire (0.0.1)
    diff-lcs (1.3)
    escape (0.0.4)
    faker (1.8.4)
      i18n (~> 0.5)
    gherkin (4.1.3)
    httpclient (2.8.3)
    i18n (0.8.6)
    json (1.8.6)
    luffa (2.0.0)
      awesome_print (~> 1.2)
      json (~> 1.8)
      retriable (>= 1.3.3.1, < 2.1)
      thor (~> 0.19)
    method_source (0.8.2)
    multi_json (1.12.1)
    multi_test (0.1.2)
    pry (0.10.4)
      coderay (~> 1.1.0)
      method_source (~> 0.8.1)
      slop (~> 3.4)
    retriable (2.0.2)
    rubyzip (1.2.1)
    slop (3.6.0)
    slowhandcuke (0.0.3)
      cucumber
    thor (0.19.4)

PLATFORMS
  x64-mingw32

DEPENDENCIES
  bundler
  calabash-android
  cpf_faker
  cucumber
  faker
  pry

BUNDLED WITH
   1.15.3
